GEM
  remote: https://rubygems.org/
  specs:
    crass (1.0.5)
    daemons (1.3.1)
    dotenv (2.7.5)
    eventmachine (1.2.7)
    foreman (0.86.0)
    httparty (0.17.1)
      mime-types (~> 3.0)
      multi_xml (>= 0.5.2)
    mime-types (3.3)
      mime-types-data (~> 3.2015)
    mime-types-data (3.2019.1009)
    mini_portile2 (2.4.0)
    multi_xml (0.6.0)
    mustermann (1.0.3)
    nokogiri (1.10.5)
      mini_portile2 (~> 2.4.0)
    nokogumbo (2.0.1)
      nokogiri (~> 1.8, >= 1.8.4)
    rack (2.0.7)
    rack-protection (2.0.7)
      rack
    redis (4.1.3)
    sanitize (5.1.0)
      crass (~> 1.0.2)
      nokogiri (>= 1.8.0)
      nokogumbo (~> 2.0)
    sinatra (2.0.7)
      mustermann (~> 1.0)
      rack (~> 2.0)
      rack-protection (= 2.0.7)
      tilt (~> 2.0)
    text (1.3.1)
    thin (1.7.2)
      daemons (~> 1.0, >= 1.0.9)
      eventmachine (~> 1.0, >= 1.0.4)
      rack (>= 1, < 3)
    tilt (2.0.10)

PLATFORMS
  ruby

DEPENDENCIES
  dotenv
  foreman
  httparty
  redis
  sanitize
  sinatra
  text
  thin

RUBY VERSION
   ruby 2.6.5p114

BUNDLED WITH
   2.0.2
